GEM
  remote: http://rubygems.org/
  specs:
    couchrest (1.1.2)
      mime-types (~> 1.15)
      multi_json (~> 1.0.0)
      rest-client (~> 1.6.1)
    haml (3.1.4)
    json (1.6.6)
    mime-types (1.18)
    minitest (2.12.1)
    multi_json (1.0.4)
    rack (1.4.1)
    rack-protection (1.2.0)
      rack
    rack-recaptcha (0.6.4)
      json
    rack-test (0.6.1)
      rack (>= 1.0)
    rake (0.9.2.2)
    rdoc (3.12)
      json (~> 1.4)
    rest-client (1.6.7)
      mime-types (>= 1.16)
    shotgun (0.9)
      rack (>= 1.0)
    sinatra (1.3.2)
      rack (~> 1.3, >= 1.3.6)
      rack-protection (~> 1.2)
      tilt (~> 1.3, >= 1.3.3)
    sinatra-outputbuffer (0.1.0)
      sinatra (>= 1.0.a)
    tilt (1.3.3)

PLATFORMS
  ruby

DEPENDENCIES
  couchrest (~> 1.1.2)
  haml (~> 3.1.4)
  minitest (~> 2.12.0)
  rack (~> 1.4.1)
  rack-recaptcha (~> 0.6.4)
  rack-test (~> 0.6.1)
  rake (~> 0.9.2.2)
  rdoc (~> 3.12)
  shotgun (~> 0.9)
  sinatra (~> 1.3.2)
  sinatra-outputbuffer (~> 0.1.0)
